GEM
  remote: https://rubygems.org/
  specs:
    activesupport (4.2.8)
      i18n (~> 0.7)
      minitest (~> 5.1)
      thread_safe (~> 0.3, >= 0.3.4)
      tzinfo (~> 1.1)
    addressable (2.5.2)
      public_suffix (>= 2.0.2, < 4.0)
    diff-lcs (1.3)
    extreme_timeout (0.3.1)
    i18n (0.8.6)
    launchy (2.4.3)
      addressable (~> 2.3)
    minitest (5.10.3)
    public_suffix (3.0.0)
    redis (4.0.1)
    rrrspec-client (0.4.3)
      activesupport
      extreme_timeout
      launchy
      redis
      rspec (>= 3.0)
      thor (>= 0.18.0)
      tzinfo
      uuidtools
    rspec (3.5.0)
      rspec-core (~> 3.5.0)
      rspec-expectations (~> 3.5.0)
      rspec-mocks (~> 3.5.0)
    rspec-core (3.5.4)
      rspec-support (~> 3.5.0)
    rspec-expectations (3.5.0)
      diff-lcs (>= 1.2.0, < 2.0)
      rspec-support (~> 3.5.0)
    rspec-mocks (3.5.0)
      diff-lcs (>= 1.2.0, < 2.0)
      rspec-support (~> 3.5.0)
    rspec-support (3.5.0)
    thor (0.20.0)
    thread_safe (0.3.6)
    tzinfo (1.2.3)
      thread_safe (~> 0.1)
    uuidtools (2.1.5)

PLATFORMS
  ruby

DEPENDENCIES
  activesupport (= 4.2.8)
  rrrspec-client (= 0.4.3)
  rspec

BUNDLED WITH
   1.15.4
